GEM
  remote: https://rubygems.org/
  specs:
    celluloid (0.16.0)
      timers (~> 4.0.0)
    celluloid-io (0.16.2)
      celluloid (>= 0.16.0)
      nio4r (>= 1.1.0)
    hitimes (1.2.2)
    nio4r (1.1.0)
    rubydns (1.0.1)
      celluloid (~> 0.16.0)
      celluloid-io (~> 0.16.2)
      timers (~> 4.0.1)
    slop (4.0.0)
    timers (4.0.1)
      hitimes

PLATFORMS
  ruby

DEPENDENCIES
  rubydns
  slop (~> 4.0.0)
